{
  "TaskName": "learn",
  "Modality": "MR",
  "MagneticFieldStrength": 3,
  "Manufacturer": "Siemens",
  "ManufacturersModelName": "TrioTim",
  "InstitutionName": "St_Lucia_Campus",
  "InstitutionalDepartmentName": "Gehrmann_Labs_MRI",
  "InstitutionAddress": "Cooper_60_St._Lucia_QLD_AU_4072",
  "DeviceSerialNumber": "35410",
  "StationName": "mrc_Trio",
  "PatientPosition": "HFS",
  "ProcedureStepDescription": "Brain_-_UQ_fMRI",
  "SoftwareVersions": "syngo_MR_B17",
  "MRAcquisitionType": "2D",
  "SeriesDescription": "OLVSL_R1",
  "ProtocolName": "OLVSL_R1",
  "ScanningSequence": "EP",
  "SequenceVariant": "SK",
  "ScanOptions": "FS",
  "SequenceName": "_epfid2d1_64",
  "ImageType": [
    "ORIGINAL",
    "PRIMARY",
    "M",
    "ND",
    "MOSAIC"
  ],
  "SeriesNumber": 2,
  "AcquisitionTime": "15:45:57.095000",
  "AcquisitionNumber": 1,
  "SliceThickness": 3,
  "SpacingBetweenSlices": 3.3,
  "SAR": 0.151365,
  "EchoTime": 0.026,
  "RepetitionTime": 2,
  "FlipAngle": 90,
  "PartialFourier": 1,
  "BaseResolution": 64,
  "ShimSetting": [
    6880,
    -11276,
    -2112,
    771,
    96,
    223,
    210,
    -99
  ],
  "TxRefAmp": 315.25,
  "PhaseResolution": 1,
  "ReceiveCoilName": "32Ch_Head",
  "PulseSequenceDetails": "%SiemensSeq%_ep2d_pace",
  "PercentPhaseFOV": 100,
  "PhaseEncodingSteps": 64,
  "AcquisitionMatrixPE": 64,
  "ReconMatrixPE": 64,
  "BandwidthPerPixelPhaseEncode": 26.483,
  "EffectiveEchoSpacing": 0.000590001,
  "DerivedVendorReportedEchoSpacing": 0.000590001,
  "TotalReadoutTime": 0.0371701,
  "PixelBandwidth": 1905,
  "DwellTime": 4.1e-06,
  "PhaseEncodingDirection": "j-",
  "SliceTiming": [
    0,
    1.025,
    0.0625,
    1.085,
    0.1225,
    1.145,
    0.1825,
    1.205,
    0.2425,
    1.265,
    0.3025,
    1.325,
    0.3625,
    1.385,
    0.4225,
    1.4475,
    0.4825,
    1.5075,
    0.5425,
    1.5675,
    0.6025,
    1.6275,
    0.6625,
    1.6875,
    0.725,
    1.7475,
    0.785,
    1.8075,
    0.845,
    1.8675,
    0.905,
    1.9275,
    0.965
  ],
  "ImageOrientationPatientDICOM": [
    0.999516,
    0.0299825,
    0.00829097,
    -0.027919,
    0.982155,
    -0.185988
  ],
  "InPlanePhaseEncodingDirectionDICOM": "COL",
  "ConversionSoftware": "dcm2niix",
  "ConversionSoftwareVersion": "v1.0.20171215 Clang9.0.0"
}
