{
  "TaskName": "learn",
  "Modality": "MR",
  "MagneticFieldStrength": 3,
  "Manufacturer": "Siemens",
  "ManufacturersModelName": "TrioTim",
  "InstitutionName": "School_of_Psychology",
  "InstitutionalDepartmentName": "Gehrmann_Labs_MRI",
  "InstitutionAddress": "Cooper_60_St._Lucia_QLD_AU_4072",
  "DeviceSerialNumber": "35410",
  "StationName": "mrc_Trio",
  "PatientPosition": "HFS",
  "ProcedureStepDescription": "Brain_-_UQ_fMRI",
  "SoftwareVersions": "syngo_MR_B17",
  "MRAcquisitionType": "2D",
  "SeriesDescription": "OLVSL_R3",
  "ProtocolName": "OLVSL_R3",
  "ScanningSequence": "EP",
  "SequenceVariant": "SK",
  "ScanOptions": "FS",
  "SequenceName": "_epfid2d1_64",
  "ImageType": [
    "ORIGINAL",
    "PRIMARY",
    "M",
    "ND",
    "MOSAIC"
  ],
  "SeriesNumber": 4,
  "AcquisitionTime": "16:52:5.415000",
  "AcquisitionNumber": 1,
  "SliceThickness": 3,
  "SpacingBetweenSlices": 3.3,
  "SAR": 0.16368,
  "EchoTime": 0.026,
  "RepetitionTime": 2,
  "FlipAngle": 90,
  "PartialFourier": 1,
  "BaseResolution": 64,
  "ShimSetting": [
    6721,
    -11263,
    -2118,
    537,
    -192,
    -41,
    -341,
    95
  ],
  "TxRefAmp": 343.071,
  "PhaseResolution": 1,
  "ReceiveCoilName": "32Ch_Head",
  "PulseSequenceDetails": "%SiemensSeq%_ep2d_pace",
  "PercentPhaseFOV": 100,
  "PhaseEncodingSteps": 64,
  "AcquisitionMatrixPE": 64,
  "ReconMatrixPE": 64,
  "BandwidthPerPixelPhaseEncode": 26.483,
  "EffectiveEchoSpacing": 0.000590001,
  "DerivedVendorReportedEchoSpacing": 0.000590001,
  "TotalReadoutTime": 0.0371701,
  "PixelBandwidth": 1905,
  "DwellTime": 4.1e-06,
  "PhaseEncodingDirection": "j-",
  "SliceTiming": [
    0,
    1.0225,
    0.06,
    1.085,
    0.12,
    1.145,
    0.18,
    1.205,
    0.24,
    1.265,
    0.3,
    1.325,
    0.36,
    1.385,
    0.4225,
    1.445,
    0.4825,
    1.505,
    0.5425,
    1.565,
    0.6025,
    1.625,
    0.6625,
    1.685,
    0.7225,
    1.745,
    0.7825,
    1.8075,
    0.8425,
    1.8675,
    0.9025,
    1.9275,
    0.9625
  ],
  "ImageOrientationPatientDICOM": [
    0.998527,
    -0.0127768,
    -0.0527305,
    1.37689e-08,
    0.971877,
    -0.235489
  ],
  "InPlanePhaseEncodingDirectionDICOM": "COL",
  "ConversionSoftware": "dcm2niix",
  "ConversionSoftwareVersion": "v1.0.20171215 Clang9.0.0"
}
