{
	"Modality": "MR",
	"MagneticFieldStrength": 3,
	"Manufacturer": "Siemens",
	"ManufacturersModelName": "TrioTim",
	"InstitutionName": "Centre_for_Advanced_Imaging",
	"InstitutionalDepartmentName": "Gehrmann_Labs_MRI",
	"InstitutionAddress": "Cooper_60_St._Lucia_QLD_AU_4072",
	"DeviceSerialNumber": "35410",
	"StationName": "mrc_Trio",
	"PatientPosition": "HFS",
	"ProcedureStepDescription": "Brain_-_UQ_fMRI",
	"SoftwareVersions": "syngo_MR_B17",
	"MRAcquisitionType": "3D",
	"SeriesDescription": "t1_mpr_sag_p2_iso_0.9",
	"ProtocolName": "t1_mpr_sag_p2_iso_0.9",
	"ScanningSequence": "GR_IR",
	"SequenceVariant": "SP_MP",
	"ScanOptions": "IR",
	"SequenceName": "_tfl3d1_ns",
	"ImageType": ["ORIGINAL", "PRIMARY", "M", "ND", "NORM"],
	"SeriesNumber": 7,
	"AcquisitionTime": "16:15:20.855000",
	"AcquisitionNumber": 1,
	"SliceThickness": 0.9,
	"SAR": 0.119047,
	"EchoTime": 0.00232,
	"RepetitionTime": 1.9,
	"InversionTime": 0.9,
	"FlipAngle": 9,
	"PartialFourier": 1,
	"Interpolation2D": 1,
	"BaseResolution": 256,
	"ShimSetting": [
		6825,
		-11255,
		-2613,
		-72,
		38,
		19,
		-121,
		14	],
	"TxRefAmp": 336.45,
	"PhaseResolution": 1,
	"ReceiveCoilName": "32Ch_Head",
	"PulseSequenceDetails": "%SiemensSeq%_tfl",
	"PercentPhaseFOV": 100,
	"PhaseEncodingSteps": 255,
	"AcquisitionMatrixPE": 256,
	"ReconMatrixPE": 512,
	"ParallelReductionFactorInPlane": 2,
	"PixelBandwidth": 199,
	"DwellTime": 9.8e-06,
	"ImageOrientationPatientDICOM": [
		0.0104688,
		0.999945,
		-2.97272e-08,
		0.0174489,
		-0.000182709,
		-0.999848	],
	"InPlanePhaseEncodingDirectionDICOM": "ROW",
	"ConversionSoftware": "dcm2niix",
	"ConversionSoftwareVersion": "v1.0.20171215 Clang9.0.0"
}
