{
  "TaskName": "learn",
  "Modality": "MR",
  "MagneticFieldStrength": 3,
  "Manufacturer": "Siemens",
  "ManufacturersModelName": "TrioTim",
  "InstitutionName": "St_Lucia_Campus",
  "InstitutionalDepartmentName": "Gehrmann_Labs_MRI",
  "InstitutionAddress": "Cooper_60_St._Lucia_QLD_AU_4072",
  "DeviceSerialNumber": "35410",
  "StationName": "mrc_Trio",
  "PatientPosition": "HFS",
  "ProcedureStepDescription": "Brain_-_UQ_fMRI",
  "SoftwareVersions": "syngo_MR_B17",
  "MRAcquisitionType": "2D",
  "SeriesDescription": "OLVSL_R8",
  "ProtocolName": "OLVSL_R8",
  "ScanningSequence": "EP",
  "SequenceVariant": "SK",
  "ScanOptions": "FS",
  "SequenceName": "_epfid2d1_64",
  "ImageType": [
    "ORIGINAL",
    "PRIMARY",
    "M",
    "ND",
    "MOSAIC"
  ],
  "SeriesNumber": 10,
  "AcquisitionTime": "14:55:53.415000",
  "AcquisitionNumber": 1,
  "SliceThickness": 3,
  "SpacingBetweenSlices": 3.3,
  "SAR": 0.191062,
  "EchoTime": 0.026,
  "RepetitionTime": 2,
  "FlipAngle": 90,
  "PartialFourier": 1,
  "BaseResolution": 64,
  "ShimSetting": [
    6849,
    -11251,
    -2167,
    510,
    68,
    190,
    -206,
    7
  ],
  "TxRefAmp": 358.147,
  "PhaseResolution": 1,
  "ReceiveCoilName": "32Ch_Head",
  "PulseSequenceDetails": "%SiemensSeq%_ep2d_pace",
  "PercentPhaseFOV": 100,
  "PhaseEncodingSteps": 64,
  "AcquisitionMatrixPE": 64,
  "ReconMatrixPE": 64,
  "BandwidthPerPixelPhaseEncode": 26.483,
  "EffectiveEchoSpacing": 0.000590001,
  "DerivedVendorReportedEchoSpacing": 0.000590001,
  "TotalReadoutTime": 0.0371701,
  "PixelBandwidth": 1905,
  "DwellTime": 4.1e-06,
  "PhaseEncodingDirection": "j-",
  "SliceTiming": [
    0,
    1.0225,
    0.06,
    1.0825,
    0.12,
    1.1425,
    0.18,
    1.2025,
    0.24,
    1.2625,
    0.3,
    1.3225,
    0.36,
    1.385,
    0.42,
    1.445,
    0.48,
    1.505,
    0.54,
    1.565,
    0.6,
    1.625,
    0.66,
    1.685,
    0.7225,
    1.745,
    0.7825,
    1.805,
    0.8425,
    1.865,
    0.9025,
    1.925,
    0.9625
  ],
  "ImageOrientationPatientDICOM": [
    1,
    2e-16,
    0,
    -2e-16,
    0.977046,
    -0.21303
  ],
  "InPlanePhaseEncodingDirectionDICOM": "COL",
  "ConversionSoftware": "dcm2niix",
  "ConversionSoftwareVersion": "v1.0.20171215 Clang9.0.0"
}
